GEM
  remote: https://rubygems.org/
  specs:
    actionmailer (3.1.3)
      actionpack (= 3.1.3)
      mail (~> 2.3.0)
    actionpack (3.1.3)
      activemodel (= 3.1.3)
      activesupport (= 3.1.3)
      builder (~> 3.0.0)
      erubis (~> 2.7.0)
      i18n (~> 0.6)
      rack (~> 1.3.5)
      rack-cache (~> 1.1)
      rack-mount (~> 0.8.2)
      rack-test (~> 0.6.1)
      sprockets (~> 2.0.3)
    activemodel (3.1.3)
      activesupport (= 3.1.3)
      builder (~> 3.0.0)
      i18n (~> 0.6)
    activerecord (3.1.3)
      activemodel (= 3.1.3)
      activesupport (= 3.1.3)
      arel (~> 2.2.1)
      tzinfo (~> 0.3.29)
    activeresource (3.1.3)
      activemodel (= 3.1.3)
      activesupport (= 3.1.3)
    activesupport (3.1.3)
      multi_json (~> 1.0)
    acts_as_list (0.2.0)
      activerecord (>= 3.0)
    arel (2.2.3)
    bcrypt-ruby (3.1.2)
    builder (3.0.4)
    capistrano (2.15.4)
      highline
      net-scp (>= 1.0.0)
      net-sftp (>= 2.0.0)
      net-ssh (>= 2.0.14)
      net-ssh-gateway (>= 1.1.0)
    carrierwave (0.5.8)
      activesupport (~> 3.0)
    coffee-rails (3.1.1)
      coffee-script (>= 2.2.0)
      railties (~> 3.1.0)
    coffee-script (2.2.0)
      coffee-script-source
      execjs
    coffee-script-source (1.6.3)
    devise (2.2.8)
      bcrypt-ruby (~> 3.0)
      orm_adapter (~> 0.1)
      railties (~> 3.1)
      warden (~> 1.2.1)
    diffy (3.0.7)
    erubis (2.7.0)
    exception_notification (3.0.1)
      actionmailer (>= 3.0.4)
    execjs (2.0.2)
    fastercsv (1.5.5)
    highline (1.6.20)
    hike (1.2.3)
    i18n (0.6.11)
    jquery-rails (3.0.4)
      railties (>= 3.0, < 5.0)
      thor (>= 0.14, < 2.0)
    jquery-ui-rails (4.1.1)
      railties (>= 3.1.0)
    json (1.8.1)
    libv8 (3.3.10.4)
    mail (2.3.3)
      i18n (>= 0.4.0)
      mime-types (~> 1.16)
      treetop (~> 1.4.8)
    mime-types (1.25.1)
    multi_json (1.8.4)
    mysql2 (0.3.6)
    net-scp (1.1.2)
      net-ssh (>= 2.6.5)
    net-sftp (2.1.2)
      net-ssh (>= 2.6.5)
    net-ssh (2.7.0)
    net-ssh-gateway (1.2.0)
      net-ssh (>= 2.6.5)
    orm_adapter (0.5.0)
    paper_trail (4.0.0.rc1)
      activerecord (>= 3.0, < 6.0)
      activesupport (>= 3.0, < 6.0)
      request_store (~> 1.1.0)
    polyglot (0.3.3)
    rack (1.3.10)
    rack-cache (1.2)
      rack (>= 0.4)
    rack-google_analytics (1.0.2)
      rack
    rack-mount (0.8.3)
      rack (>= 1.0.0)
    rack-ssl (1.3.3)
      rack
    rack-test (0.6.2)
      rack (>= 1.0)
    rails (3.1.3)
      actionmailer (= 3.1.3)
      actionpack (= 3.1.3)
      activerecord (= 3.1.3)
      activeresource (= 3.1.3)
      activesupport (= 3.1.3)
      bundler (~> 1.0)
      railties (= 3.1.3)
    railties (3.1.3)
      actionpack (= 3.1.3)
      activesupport (= 3.1.3)
      rack-ssl (~> 1.3.2)
      rake (>= 0.8.7)
      rdoc (~> 3.4)
      thor (~> 0.14.6)
    rake (10.1.1)
    rdoc (3.12.2)
      json (~> 1.4)
    redcarpet (2.3.0)
    request_store (1.1.0)
    rmagick (2.15.4)
    sass (3.2.13)
    sass-rails (3.1.7)
      actionpack (~> 3.1.0)
      railties (~> 3.1.0)
      sass (>= 3.1.10)
      tilt (~> 1.3.2)
    sprockets (2.0.4)
      hike (~> 1.2)
      rack (~> 1.0)
      tilt (~> 1.1, != 1.3.0)
    therubyracer (0.10.2)
      libv8 (~> 3.3.10)
    thor (0.14.6)
    tilt (1.3.7)
    treetop (1.4.15)
      polyglot
      polyglot (>= 0.3.1)
    tzinfo (0.3.38)
    uglifier (2.4.0)
      execjs (>= 0.3.0)
      json (>= 1.8.0)
    warden (1.2.3)
      rack (>= 1.0)
    will_paginate (3.1.0)

PLATFORMS
  ruby

DEPENDENCIES
  actionmailer (= 3.1.3)
  actionpack (= 3.1.3)
  activemodel (= 3.1.3)
  activerecord (= 3.1.3)
  activeresource (= 3.1.3)
  activesupport (= 3.1.3)
  acts_as_list (= 0.2.0)
  arel (= 2.2.3)
  bcrypt-ruby (= 3.1.2)
  builder (= 3.0.4)
  capistrano (= 2.15.4)
  carrierwave (<= 0.10.0)
  coffee-rails (= 3.1.1)
  coffee-script (= 2.2.0)
  coffee-script-source (= 1.6.3)
  devise (= 2.2.8)
  diffy (= 3.0.7)
  erubis (= 2.7.0)
  exception_notification (= 3.0.1)
  execjs (= 2.0.2)
  fastercsv (= 1.5.5)
  highline (= 1.6.20)
  hike (= 1.2.3)
  i18n (= 0.6.11)
  jquery-rails (= 3.0.4)
  jquery-ui-rails (= 4.1.1)
  json (= 1.8.1)
  libv8 (= 3.3.10.4)
  mail (= 2.3.3)
  mime-types (= 1.25.1)
  multi_json (= 1.8.4)
  mysql2 (< 0.3.7)
  net-scp (= 1.1.2)
  net-sftp (= 2.1.2)
  net-ssh (= 2.7.0)
  net-ssh-gateway (= 1.2.0)
  orm_adapter (= 0.5.0)
  paper_trail (= 4.0.0.rc1)
  polyglot (= 0.3.3)
  rack (= 1.3.10)
  rack-cache (= 1.2)
  rack-google_analytics
  rack-mount (= 0.8.3)
  rack-ssl (= 1.3.3)
  rack-test (= 0.6.2)
  rails (= 3.1.3)
  railties (= 3.1.3)
  rake (= 10.1.1)
  rdoc (= 3.12.2)
  redcarpet (= 2.3.0)
  request_store (= 1.1.0)
  rmagick (~> 2.15, >= 2.15.4)
  sass (= 3.2.13)
  sass-rails (= 3.1.7)
  sprockets (= 2.0.4)
  therubyracer (= 0.10.2)
  thor (= 0.14.6)
  tilt (= 1.3.7)
  treetop (= 1.4.15)
  tzinfo (= 0.3.38)
  uglifier (= 2.4.0)
  warden (= 1.2.3)
  will_paginate (= 3.1.0)

BUNDLED WITH
   1.10.5
